GIT
  remote: https://github.com/Jerskouille/zendesk_api_client_rb.git
  revision: a99a276e3f737a33a5a507036b8fb2a83bd381ae
  specs:
    zendesk_api (1.19.0)
      faraday (~> 0.9)
      hashie (>= 3.5.2, < 4.0.0)
      inflection
      mime-types
      multipart-post (~> 2.0)

GEM
  remote: https://rubygems.org/
  specs:
    algolia (2.3.2)
      faraday (>= 0.15, < 3)
      faraday-net_http_persistent (>= 0.15, < 3)
      multi_json (~> 1.0)
      net-http-persistent
    coderay (1.1.2)
    connection_pool (2.4.1)
    faraday (0.17.5)
      multipart-post (>= 1.2, < 3)
    faraday-net_http (2.1.0)
    faraday-net_http_persistent (2.0.2)
      faraday-net_http (< 3)
      net-http-persistent (~> 4.0)
    hashie (3.6.0)
    htmlentities (4.3.4)
    inflection (1.0.0)
    method_source (0.8.2)
    mime-types (3.4.1)
      mime-types-data (~> 3.2015)
    mime-types-data (3.2022.0105)
    multi_json (1.15.0)
    multipart-post (2.2.3)
    net-http-persistent (4.0.2)
      connection_pool (~> 2.2)
    pry (0.11.0)
      coderay (~> 1.1.0)
      method_source (~> 0.8.1)

PLATFORMS
  ruby

DEPENDENCIES
  algolia (~> 2.3)
  htmlentities
  pry
  zendesk_api!

BUNDLED WITH
   2.4.14
