GIT
  remote: git://github.com/Jerskouille/htmlentities.git
  revision: cc049b3bee56f5f8c3a9cd39afbab4841e63ba50
  specs:
    htmlentities (4.3.3)

GEM
  remote: https://rubygems.org/
  specs:
    algoliasearch (1.12.6)
      httpclient (~> 2.8.3)
      json (>= 1.5.1)
    faraday (0.9.2)
      multipart-post (>= 1.2, < 3)
    hashie (3.4.6)
    httpclient (2.8.3)
    inflection (1.0.0)
    json (2.0.3)
    mime-types (3.1)
      mime-types-data (~> 3.2015)
    mime-types-data (3.2016.0521)
    multipart-post (2.0.0)
    scrub_rb (1.0.1)
    zendesk_api (1.14.0)
      faraday (~> 0.9)
      hashie (>= 1.2, < 4.0, != 3.3.0)
      inflection
      mime-types
      multipart-post (~> 2.0)
      scrub_rb (~> 1.0.1)

PLATFORMS
  ruby

DEPENDENCIES
  algoliasearch
  htmlentities!
  zendesk_api

BUNDLED WITH
   1.14.4
