GIT
  remote: git://github.com/Jerskouille/htmlentities.git
  revision: cc049b3bee56f5f8c3a9cd39afbab4841e63ba50
  specs:
    htmlentities (4.3.3)

GIT
  remote: git://github.com/Jerskouille/zendesk_api_client_rb.git
  revision: e94ecce851ff0f7933da3f516c9e652471461cb3
  specs:
    zendesk_api (1.15.0)
      faraday (~> 0.9)
      hashie (>= 3.5.2, < 4.0.0)
      inflection
      mime-types
      multipart-post (~> 2.0)

GEM
  remote: https://rubygems.org/
  specs:
    algoliasearch (1.12.6)
      httpclient (~> 2.8.3)
      json (>= 1.5.1)
    coderay (1.1.2)
    faraday (0.13.1)
      multipart-post (>= 1.2, < 3)
    hashie (3.5.6)
    httpclient (2.8.3)
    inflection (1.0.0)
    json (2.0.3)
    method_source (0.8.2)
    mime-types (3.1)
      mime-types-data (~> 3.2015)
    mime-types-data (3.2016.0521)
    multipart-post (2.0.0)
    pry (0.11.0)
      coderay (~> 1.1.0)
      method_source (~> 0.8.1)

PLATFORMS
  ruby

DEPENDENCIES
  algoliasearch
  htmlentities!
  pry
  zendesk_api!

BUNDLED WITH
   1.14.4
